GEM
  remote: https://rubygems.org/
  specs:
    mysql2 (0.4.9)
    puma (3.10.0)
    rack (1.6.8)
    rack-protection (1.5.3)
      rack
    sinatra (1.4.8)
      rack (~> 1.5)
      rack-protection (~> 1.4)
      tilt (>= 1.3, < 3)
    tilt (2.0.8)

PLATFORMS
  ruby

DEPENDENCIES
  mysql2 (~> 0.4.4)
  puma (~> 3.6)
  sinatra (~> 1.4, >= 1.4.7)

BUNDLED WITH
   1.13.7
